GEM
  remote: http://rubygems.org/
  specs:
    chunky_png (1.2.5)
    diff-lcs (1.1.3)
    git (1.2.5)
    jeweler (1.8.3)
      bundler (~> 1.0)
      git (>= 1.2.5)
      rake
      rdoc
    json (1.7.3)
    multi_json (1.3.5)
    oily_png (1.0.2)
      chunky_png (~> 1.2.1)
    rake (0.9.2.2)
    rasem (0.6.1)
    rdoc (3.12)
      json (~> 1.4)
    rmagick (2.13.1)
    rspec (2.10.0)
      rspec-core (~> 2.10.0)
      rspec-expectations (~> 2.10.0)
      rspec-mocks (~> 2.10.0)
    rspec-core (2.10.1)
    rspec-expectations (2.10.0)
      diff-lcs (~> 1.1.3)
    rspec-mocks (2.10.1)
    shoulda (3.0.1)
      shoulda-context (~> 1.0.0)
      shoulda-matchers (~> 1.0.0)
    shoulda-context (1.0.0)
    shoulda-matchers (1.0.0)
    simplecov (0.6.4)
      multi_json (~> 1.0)
      simplecov-html (~> 0.5.3)
    simplecov-html (0.5.3)

PLATFORMS
  ruby

DEPENDENCIES
  bundler (~> 1.0.0)
  chunky_png
  jeweler
  oily_png
  rasem
  rdoc
  rmagick
  rspec
  shoulda
  simplecov
